GEM
  remote: https://rubygems.org/
  specs:
    bcrypt (3.1.7)
    coderay (1.1.0)
    method_source (0.8.2)
    pry (0.10.1)
      coderay (~> 1.1.0)
      method_source (~> 0.8.1)
      slop (~> 3.4)
    rainbow (2.0.0)
    slop (3.6.0)
    terminal-table (1.4.5)

PLATFORMS
  ruby

DEPENDENCIES
  bcrypt
  pry
  rainbow
  terminal-table
